GIT
  remote: git@github.com:theodi/cucumber-chef.git
  revision: 68de1275dd0a65700113a2be34d77291f12a52e6
  specs:
    cucumber-chef (2.1.0.rc.10)
      chef (>= 0.10.0)
      cucumber (>= 1.2.0)
      fog (>= 1.3.1)
      mixlib-config (>= 1.1.2)
      rake (>= 0.9.2)
      rspec (>= 2.10.0)
      thor (>= 0.15.2)
      ubuntu_ami (>= 0.4.0)
      ztk (>= 1.0.0)

GIT
  remote: https://github.com/applicationsonline/librarian-chef
  revision: c337ee520417ac4492435ad178396d494f408a38
  specs:
    librarian-chef (0.0.1)
      archive-tar-minitar (>= 0.5.2)
      chef (>= 0.10)
      librarian (~> 0.1.0)

GEM
  remote: http://rubygems.org/
  specs:
    activesupport (3.2.13)
      i18n (= 0.6.1)
      multi_json (~> 1.0)
    archive-tar-minitar (0.5.2)
    builder (3.2.0)
    chef (11.4.0)
      erubis
      highline (>= 1.6.9)
      json (>= 1.4.4, <= 1.7.7)
      mixlib-authentication (>= 1.3.0)
      mixlib-cli (~> 1.3.0)
      mixlib-config (>= 1.1.2)
      mixlib-log (>= 1.3.0)
      mixlib-shellout
      net-ssh (~> 2.6)
      net-ssh-multi (~> 1.1.0)
      ohai (>= 0.6.0)
      rest-client (>= 1.0.4, < 1.7.0)
      yajl-ruby (~> 1.1)
    cucumber (1.2.3)
      builder (>= 2.1.2)
      diff-lcs (>= 1.1.3)
      gherkin (~> 2.11.6)
      multi_json (~> 1.3)
    diff-lcs (1.2.2)
    erubis (2.7.0)
    excon (0.20.1)
    fog (1.10.1)
      builder
      excon (~> 0.20)
      formatador (~> 0.2.0)
      mime-types
      multi_json (~> 1.0)
      net-scp (~> 1.1)
      net-ssh (>= 2.1.3)
      nokogiri (~> 1.5.0)
      ruby-hmac
    foodcritic (2.0.1)
      erubis
      gherkin (~> 2.11.1)
      nokogiri (~> 1.5.4)
      rak (~> 1.4)
      treetop (~> 1.4.10)
      yajl-ruby (~> 1.1.0)
    formatador (0.2.4)
    gherkin (2.11.6)
      json (>= 1.7.6)
    highline (1.6.16)
    i18n (0.6.1)
    ipaddress (0.8.0)
    json (1.7.7)
    librarian (0.1.0)
      highline
      thor (~> 0.15)
    mime-types (1.22)
    mixlib-authentication (1.3.0)
      mixlib-log
    mixlib-cli (1.3.0)
    mixlib-config (1.1.2)
    mixlib-log (1.6.0)
    mixlib-shellout (1.1.0)
    multi_json (1.7.2)
    net-scp (1.1.0)
      net-ssh (>= 2.6.5)
    net-sftp (2.1.1)
      net-ssh (>= 2.6.5)
    net-ssh (2.6.6)
    net-ssh-gateway (1.2.0)
      net-ssh (>= 2.6.5)
    net-ssh-multi (1.1)
      net-ssh (>= 2.1.4)
      net-ssh-gateway (>= 0.99.0)
    nokogiri (1.5.9)
    ohai (6.16.0)
      ipaddress
      mixlib-cli
      mixlib-config
      mixlib-log
      mixlib-shellout
      systemu
      yajl-ruby
    polyglot (0.3.3)
    rak (1.4)
    rake (10.0.4)
    rest-client (1.6.7)
      mime-types (>= 1.16)
    rspec (2.13.0)
      rspec-core (~> 2.13.0)
      rspec-expectations (~> 2.13.0)
      rspec-mocks (~> 2.13.0)
    rspec-core (2.13.1)
    rspec-expectations (2.13.0)
      diff-lcs (>= 1.1.3, < 2.0)
    rspec-mocks (2.13.0)
    ruby-hmac (0.4.0)
    systemu (2.5.2)
    thor (0.18.1)
    treetop (1.4.12)
      polyglot
      polyglot (>= 0.3.1)
    ubuntu_ami (0.4.1)
    yajl-ruby (1.1.0)
    ztk (1.0.3)
      activesupport
      erubis
      net-sftp
      net-ssh

PLATFORMS
  ruby

DEPENDENCIES
  cucumber-chef!
  foodcritic
  librarian-chef!
  ztk (= 1.0.3)
