GIT
  remote: git://github.com/applicationsonline/librarian.git
  revision: 119b7a9dcaf956deb375f9780a99c2570f90e061
  specs:
    librarian (0.0.26)
      archive-tar-minitar (>= 0.5.2)
      chef (>= 0.10)
      highline
      thor (~> 0.15)

GIT
  remote: git://github.com/mroth/lolcommits.git
  revision: 5522f89c205a08cf5461823ad92c9b041d8e9dc4
  specs:
    lolcommits (0.4.1pre2)
      active_support (~> 3.0.0)
      choice (~> 0.1.6)
      git (~> 1.2.5)
      httmultiparty
      json (~> 1.7.6)
      launchy (~> 2.1.1)
      methadone (~> 1.2.4)
      mini_magick (~> 3.4)
      oauth
      open4 (~> 1.3.0)
      rest-client
      statsd-ruby (~> 1.2.0)
      twitter

PATH
  remote: /Users/sam/Github/cucumber-chef
  specs:
    cucumber-chef (2.1.0.rc.10)
      chef (>= 0.10.0)
      cucumber (>= 1.2.0)
      fog (>= 1.3.1)
      mixlib-config (>= 1.1.2)
      rake (>= 0.9.2)
      rspec (>= 2.10.0)
      thor (>= 0.15.2)
      ubuntu_ami (>= 0.4.0)
      ztk (>= 1.0.0)

GEM
  remote: http://rubygems.org/
  specs:
    active_support (3.0.0)
      activesupport (= 3.0.0)
    activesupport (3.0.0)
    addressable (2.3.2)
    archive-tar-minitar (0.5.2)
    builder (3.1.4)
    chef (11.2.0)
      erubis
      highline (>= 1.6.9)
      json (~> 1.7.6, >= 1.4.4)
      mixlib-authentication (>= 1.3.0)
      mixlib-cli (~> 1.3.0)
      mixlib-config (>= 1.1.2)
      mixlib-log (>= 1.3.0)
      mixlib-shellout
      net-ssh (~> 2.6)
      net-ssh-multi (~> 1.1.0)
      ohai (>= 0.6.0)
      rest-client (>= 1.0.4, < 1.7.0)
      yajl-ruby (~> 1.1)
    choice (0.1.6)
    cucumber (1.2.1)
      builder (>= 2.1.2)
      diff-lcs (>= 1.1.3)
      gherkin (~> 2.11.0)
      json (>= 1.4.6)
    diff-lcs (1.1.3)
    erubis (2.7.0)
    excon (0.16.10)
    faraday (0.8.5)
      multipart-post (~> 1.1)
    fog (1.9.0)
      builder
      excon (~> 0.14)
      formatador (~> 0.2.0)
      mime-types
      multi_json (~> 1.0)
      net-scp (~> 1.0.4)
      net-ssh (>= 2.1.3)
      nokogiri (~> 1.5.0)
      ruby-hmac
    formatador (0.2.4)
    gherkin (2.11.6)
      json (>= 1.7.6)
    git (1.2.5)
    highline (1.6.15)
    httmultiparty (0.3.8)
      httparty (>= 0.7.3)
      multipart-post
    httparty (0.10.2)
      multi_json (~> 1.0)
      multi_xml (>= 0.5.2)
    ipaddress (0.8.0)
    json (1.7.6)
    launchy (2.1.2)
      addressable (~> 2.3)
    methadone (1.2.4)
      bundler
    mime-types (1.21)
    mini_magick (3.4)
      subexec (~> 0.2.1)
    mixlib-authentication (1.3.0)
      mixlib-log
    mixlib-cli (1.3.0)
    mixlib-config (1.1.2)
    mixlib-log (1.4.1)
    mixlib-shellout (1.1.0)
    multi_json (1.5.0)
    multi_xml (0.5.3)
    multipart-post (1.1.5)
    net-scp (1.0.6)
      net-ssh (>= 2.6.5)
    net-sftp (2.1.1)
      net-ssh (>= 2.6.5)
    net-ssh (2.6.5)
    net-ssh-gateway (1.2.0)
      net-ssh (>= 2.6.5)
    net-ssh-multi (1.1.2)
      net-ssh (>= 2.6.5)
      net-ssh-gateway (>= 1.1.2)
    nokogiri (1.5.6)
    oauth (0.4.7)
    ohai (6.16.0)
      ipaddress
      mixlib-cli
      mixlib-config
      mixlib-log
      mixlib-shellout
      systemu
      yajl-ruby
    open4 (1.3.0)
    rake (10.0.3)
    rest-client (1.6.7)
      mime-types (>= 1.16)
    rspec (2.12.0)
      rspec-core (~> 2.12.0)
      rspec-expectations (~> 2.12.0)
      rspec-mocks (~> 2.12.0)
    rspec-core (2.12.2)
    rspec-expectations (2.12.1)
      diff-lcs (~> 1.1.3)
    rspec-mocks (2.12.2)
    ruby-hmac (0.4.0)
    simple_oauth (0.2.0)
    statsd-ruby (1.2.0)
    subexec (0.2.2)
    systemu (2.5.2)
    thor (0.17.0)
    twitter (4.5.0)
      faraday (~> 0.8, < 0.10)
      multi_json (~> 1.0)
      simple_oauth (~> 0.2)
    ubuntu_ami (0.4.1)
    yajl-ruby (1.1.0)
    ztk (1.0.1)
      activesupport
      erubis
      net-sftp
      net-ssh

PLATFORMS
  ruby

DEPENDENCIES
  cucumber-chef!
  librarian!
  lolcommits!
